GEM
  remote: https://rubygems.org/
  specs:
    diff-lcs (1.2.5)
    execjs (1.4.0)
      multi_json (~> 1.0)
    multi_json (1.8.2)
    polyglot (0.3.3)
    rake (10.1.0)
    rspec (2.14.1)
      rspec-core (~> 2.14.0)
      rspec-expectations (~> 2.14.0)
      rspec-mocks (~> 2.14.0)
    rspec-core (2.14.7)
    rspec-expectations (2.14.4)
      diff-lcs (>= 1.1.3, < 2.0)
    rspec-mocks (2.14.4)
    treetop (1.4.15)
      polyglot
      polyglot (>= 0.3.1)

PLATFORMS
  ruby

DEPENDENCIES
  execjs (~> 1.4.0)
  rake (~> 10.1.0)
  rspec (~> 2.14)
  treetop (~> 1.4.15)
